GEM
  remote: https://rubygems.org/
  specs:
    actioncable (5.2.6)
      actionpack (= 5.2.6)
      nio4r (~> 2.0)
      websocket-driver (>= 0.6.1)
    actionmailer (5.2.6)
      actionpack (= 5.2.6)
      actionview (= 5.2.6)
      activejob (= 5.2.6)
      mail (~> 2.5, >= 2.5.4)
      rails-dom-testing (~> 2.0)
    actionpack (5.2.6)
      actionview (= 5.2.6)
      activesupport (= 5.2.6)
      rack (~> 2.0, >= 2.0.8)
      rack-test (>= 0.6.3)
      rails-dom-testing (~> 2.0)
      rails-html-sanitizer (~> 1.0, >= 1.0.2)
    actionview (5.2.6)
      activesupport (= 5.2.6)
      builder (~> 3.1)
      erubi (~> 1.4)
      rails-dom-testing (~> 2.0)
      rails-html-sanitizer (~> 1.0, >= 1.0.3)
    activejob (5.2.6)
      activesupport (= 5.2.6)
      globalid (>= 0.3.6)
    activemodel (5.2.6)
      activesupport (= 5.2.6)
    activerecord (5.2.6)
      activemodel (= 5.2.6)
      activesupport (= 5.2.6)
      arel (>= 9.0)
    activestorage (5.2.6)
      actionpack (= 5.2.6)
      activerecord (= 5.2.6)
      marcel (~> 1.0.0)
    activesupport (5.2.6)
      concurrent-ruby (~> 1.0, >= 1.0.2)
      i18n (>= 0.7, < 2)
      minitest (~> 5.1)
      tzinfo (~> 1.1)
    acts_as_tenant (0.5.1)
      rails (>= 5.2)
      request_store (>= 1.0.5)
    addressable (2.8.0)
      public_suffix (>= 2.0.2, < 5.0)
    arel (9.0.0)
    ast (2.4.2)
    aws-eventstream (1.2.0)
    aws-partitions (1.551.0)
    aws-sdk-cloudwatchlogs (1.50.0)
      aws-sdk-core (~> 3, >= 3.125.0)
      aws-sigv4 (~> 1.1)
    aws-sdk-core (3.125.5)
      aws-eventstream (~> 1, >= 1.0.2)
      aws-partitions (~> 1, >= 1.525.0)
      aws-sigv4 (~> 1.1)
      jmespath (~> 1.0)
    aws-sigv4 (1.4.0)
      aws-eventstream (~> 1, >= 1.0.2)
    builder (3.2.4)
    cloudwatchlogger (0.2.1)
      aws-sdk-cloudwatchlogs (~> 1)
      multi_json (~> 1)
      uuid (~> 2)
    clowder-common-ruby (0.2.4)
    concurrent-ruby (1.1.9)
    connection_pool (2.2.5)
    crack (0.4.5)
      rexml
    crass (1.0.6)
    diff-lcs (1.5.0)
    discard (1.2.1)
      activerecord (>= 4.2, < 8)
    docile (1.4.0)
    erubi (1.10.0)
    ethon (0.15.0)
      ffi (>= 1.15.0)
    factory_bot (6.2.0)
      activesupport (>= 5.0.0)
    factory_bot_rails (6.2.0)
      factory_bot (~> 6.2.0)
      railties (>= 5.0.0)
    faraday (1.7.2)
      faraday-em_http (~> 1.0)
      faraday-em_synchrony (~> 1.0)
      faraday-excon (~> 1.1)
      faraday-httpclient (~> 1.0.1)
      faraday-net_http (~> 1.0)
      faraday-net_http_persistent (~> 1.1)
      faraday-patron (~> 1.0)
      faraday-rack (~> 1.0)
      multipart-post (>= 1.2, < 3)
      ruby2_keywords (>= 0.0.4)
    faraday-em_http (1.0.0)
    faraday-em_synchrony (1.0.0)
    faraday-excon (1.1.0)
    faraday-httpclient (1.0.1)
    faraday-net_http (1.0.1)
    faraday-net_http_persistent (1.2.0)
    faraday-patron (1.0.0)
    faraday-rack (1.0.0)
    ffi (1.15.5)
    globalid (1.0.0)
      activesupport (>= 5.0)
    graphql (1.11.7)
    graphql-batch (0.4.3)
      graphql (>= 1.3, < 2)
      promise.rb (~> 0.7.2)
    graphql-preload (2.0.1)
      activerecord (>= 4.1, < 6)
      graphql (>= 1.5, < 2)
      graphql-batch (~> 0.3)
      promise.rb (~> 0.7)
    hashdiff (1.0.1)
    i18n (1.9.1)
      concurrent-ruby (~> 1.0)
    insights-api-common (5.0.7)
      acts_as_tenant
      graphql (= 1.11.7)
      graphql-batch (~> 0.4)
      graphql-preload (~> 2.0, < 2.1)
      insights-loggers-ruby (~> 0.1.10)
      insights-rbac-api-client (~> 1.0)
      manageiq-loggers (~> 0.4.0)
      manageiq-password (~> 0.1)
      more_core_extensions
      openapi_parser (~> 0.10.0)
      pg (> 0)
      prometheus_exporter (~> 0.4.5)
      query_relation
      rails (~> 5.2.2, >= 5.2.2.1)
    insights-loggers-ruby (0.1.12)
      activesupport (~> 5.2, >= 5.2.4.3)
      cloudwatchlogger (~> 0.2.1)
      manageiq-loggers (~> 0.4, >= 0.4.2)
    insights-rbac-api-client (1.0.0)
      json (~> 2.1, >= 2.1.0)
      typhoeus (~> 1.0, >= 1.0.1)
    jbuilder (2.11.5)
      actionview (>= 5.0.0)
      activesupport (>= 5.0.0)
    jmespath (1.5.0)
    json (2.6.1)
    json-schema (2.8.1)
      addressable (>= 2.4)
    loofah (2.19.1)
      crass (~> 1.0.2)
      nokogiri (>= 1.5.9)
    macaddr (1.7.2)
      systemu (~> 2.6.5)
    mail (2.7.1)
      mini_mime (>= 0.1.1)
    manageiq-loggers (0.4.2)
      activesupport (>= 5.0)
      manageiq-password (~> 0.1)
    manageiq-messaging (1.0.3)
      activesupport (>= 5.2.4.3, < 6.1)
      rdkafka (~> 0.8)
      stomp (~> 1.4.4)
    manageiq-password (0.3.0)
    marcel (1.0.2)
    method_source (1.0.0)
    mini_mime (1.1.2)
    mini_portile2 (2.8.0)
    minitest (5.15.0)
    more_core_extensions (3.8.0)
      activesupport
    multi_json (1.15.0)
    multipart-post (2.1.1)
    nio4r (2.5.8)
    nokogiri (1.13.10)
      mini_portile2 (~> 2.8.0)
      racc (~> 1.4)
    nokogiri (1.13.10-x86_64-linux)
      racc (~> 1.4)
    openapi_parser (0.10.0)
    parallel (1.21.0)
    parser (3.1.0.0)
      ast (~> 2.4.1)
    pg (1.3.0)
    prometheus_exporter (0.4.17)
    promise.rb (0.7.4)
    psych (3.3.2)
    public_suffix (4.0.6)
    puma (4.3.10)
      nio4r (~> 2.0)
    pundit (2.1.1)
      activesupport (>= 3.0.0)
    query_relation (0.1.1)
      activesupport
      more_core_extensions
    racc (1.6.1)
    rack (2.2.3)
    rack-cors (1.1.1)
      rack (>= 2.0.0)
    rack-protection (2.1.0)
      rack
    rack-test (1.1.0)
      rack (>= 1.0, < 3)
    rails (5.2.6)
      actioncable (= 5.2.6)
      actionmailer (= 5.2.6)
      actionpack (= 5.2.6)
      actionview (= 5.2.6)
      activejob (= 5.2.6)
      activemodel (= 5.2.6)
      activerecord (= 5.2.6)
      activestorage (= 5.2.6)
      activesupport (= 5.2.6)
      bundler (>= 1.3.0)
      railties (= 5.2.6)
      sprockets-rails (>= 2.0.0)
    rails-dom-testing (2.0.3)
      activesupport (>= 4.2.0)
      nokogiri (>= 1.6)
    rails-html-sanitizer (1.4.2)
      loofah (~> 2.3)
    railties (5.2.6)
      actionpack (= 5.2.6)
      activesupport (= 5.2.6)
      method_source
      rake (>= 0.8.7)
      thor (>= 0.19.0, < 2.0)
    rainbow (3.1.1)
    rake (13.0.6)
    rdkafka (0.11.1)
      ffi (~> 1.15)
      mini_portile2 (~> 2.6)
      rake (> 12)
    redis (4.1.4)
    regexp_parser (2.2.0)
    request_store (1.5.1)
      rack (>= 1.4)
    rexml (3.2.5)
    rspec-core (3.9.3)
      rspec-support (~> 3.9.3)
    rspec-expectations (3.9.4)
      diff-lcs (>= 1.2.0, < 2.0)
      rspec-support (~> 3.9.0)
    rspec-mocks (3.9.1)
      diff-lcs (>= 1.2.0, < 2.0)
      rspec-support (~> 3.9.0)
    rspec-rails (3.9.1)
      actionpack (>= 3.0)
      activesupport (>= 3.0)
      railties (>= 3.0)
      rspec-core (~> 3.9.0)
      rspec-expectations (~> 3.9.0)
      rspec-mocks (~> 3.9.0)
      rspec-support (~> 3.9.0)
    rspec-support (3.9.4)
    rubocop (1.0.0)
      parallel (~> 1.10)
      parser (>= 2.7.1.5)
      rainbow (>= 2.2.2, < 4.0)
      regexp_parser (>= 1.8)
      rexml
      rubocop-ast (>= 0.6.0)
      ruby-progressbar (~> 1.7)
      unicode-display_width (>= 1.4.0, < 2.0)
    rubocop-ast (1.15.1)
      parser (>= 3.0.1.1)
    rubocop-performance (1.10.2)
      rubocop (>= 0.90.0, < 2.0)
      rubocop-ast (>= 0.4.0)
    rubocop-rails (2.9.1)
      activesupport (>= 4.2.0)
      rack (>= 1.1)
      rubocop (>= 0.90.0, < 2.0)
    ruby-progressbar (1.11.0)
    ruby2_keywords (0.0.5)
    sidekiq (5.2.9)
      connection_pool (~> 2.2, >= 2.2.2)
      rack (~> 2.0)
      rack-protection (>= 1.5.0)
      redis (>= 3.3.5, < 4.2)
    sidekiq_alive (2.1.4)
      sidekiq
      webrick
    simplecov (0.17.1)
      docile (~> 1.1)
      json (>= 1.8, < 3)
      simplecov-html (~> 0.10.0)
    simplecov-html (0.10.2)
    sprockets (4.0.2)
      concurrent-ruby (~> 1.0)
      rack (> 1, < 3)
    sprockets-rails (3.4.2)
      actionpack (>= 5.2)
      activesupport (>= 5.2)
      sprockets (>= 3.0.0)
    stomp (1.4.10)
    systemu (2.6.5)
    thor (1.2.1)
    thread_safe (0.3.6)
    timecop (0.9.4)
    typhoeus (1.4.0)
      ethon (>= 0.9.0)
    tzinfo (1.2.9)
      thread_safe (~> 0.1)
    unicode-display_width (1.8.0)
    uuid (2.3.9)
      macaddr (~> 1.0)
    webmock (3.14.0)
      addressable (>= 2.8.0)
      crack (>= 0.3.2)
      hashdiff (>= 0.4.0, < 2.0.0)
    webrick (1.7.0)
    websocket-driver (0.7.5)
      websocket-extensions (>= 0.1.0)
    websocket-extensions (0.1.5)

PLATFORMS
  ruby
  x86_64-linux

DEPENDENCIES
  bundler (~> 2.0)
  cloudwatchlogger (~> 0.2.1)
  clowder-common-ruby (~> 0.2.3)
  discard (~> 1.2)
  factory_bot_rails
  faraday (~> 1.7.2)
  graphql-batch (~> 0.4.3)
  insights-api-common (~> 5.0, >= 5.0.6)
  jbuilder (~> 2.0)
  json-schema (~> 2.8)
  manageiq-loggers (~> 0.4.0, >= 0.4.2)
  manageiq-messaging (~> 1.0.0)
  manageiq-password (~> 0.2, >= 0.2.1)
  more_core_extensions (~> 3.5)
  pg (~> 1.0)
  psych (~> 3.3)
  puma (~> 4.3.8)
  pundit (~> 2.1)
  rack-cors (~> 1.1, >= 1.1.1)
  rails (~> 5.2.2)
  rspec-rails (~> 3.8)
  rubocop (~> 1.0.0)
  rubocop-performance (~> 1.8)
  rubocop-rails (~> 2.8)
  sidekiq (~> 5.2.2)
  sidekiq_alive (~> 2.1.0)
  simplecov (~> 0.17.1)
  sprockets (~> 4.0)
  timecop
  webmock

BUNDLED WITH
   2.3.4
